PATH
  remote: .
  specs:
    hubnews (0.1.0)
      octokit
      pry
      slack_api
      trollop

GEM
  remote: https://rubygems.org/
  specs:
    addressable (2.3.8)
    awesome_print (1.6.1)
    byebug (8.2.1)
    coderay (1.1.0)
    diff-lcs (1.2.5)
    domain_name (0.5.20160128)
      unf (>= 0.0.5, < 1.0.0)
    faraday (0.9.2)
      multipart-post (>= 1.2, < 3)
    http-cookie (1.0.2)
      domain_name (~> 0.5)
    json (1.8.3)
    method_source (0.8.2)
    mime-types (2.99)
    multipart-post (2.0.0)
    netrc (0.11.0)
    octokit (4.2.0)
      sawyer (~> 0.6.0, >= 0.5.3)
    pry (0.10.3)
      coderay (~> 1.1.0)
      method_source (~> 0.8.1)
      slop (~> 3.4)
    rake (10.5.0)
    rest-client (1.8.0)
      http-cookie (>= 1.0.2, < 2.0)
      mime-types (>= 1.16, < 3.0)
      netrc (~> 0.7)
    rspec (3.4.0)
      rspec-core (~> 3.4.0)
      rspec-expectations (~> 3.4.0)
      rspec-mocks (~> 3.4.0)
    rspec-core (3.4.1)
      rspec-support (~> 3.4.0)
    rspec-expectations (3.4.0)
      diff-lcs (>= 1.2.0, < 2.0)
      rspec-support (~> 3.4.0)
    rspec-mocks (3.4.1)
      diff-lcs (>= 1.2.0, < 2.0)
      rspec-support (~> 3.4.0)
    rspec-support (3.4.1)
    sawyer (0.6.0)
      addressable (~> 2.3.5)
      faraday (~> 0.8, < 0.10)
    slack_api (0.0.2)
      json (~> 1.8.1)
      rest-client
    slop (3.6.0)
    trollop (2.1.2)
    unf (0.1.4)
      unf_ext
    unf_ext (0.0.7.2)

PLATFORMS
  ruby

DEPENDENCIES
  awesome_print
  bundler (~> 1.10)
  byebug
  hubnews!
  rake
  rspec

BUNDLED WITH
   1.10.6
